GEM
  specs:
    amq-protocol (2.0.1)
    bunny (2.4.0)
      amq-protocol (>= 2.0.1)
    rack (1.6.4)
    rack-protection (1.5.3)
      rack
    sinatra (1.4.7)
      rack (~> 1.5)
      rack-protection (~> 1.4)
      tilt (>= 1.3, < 3)
    tilt (2.0.5)

PLATFORMS
  ruby

DEPENDENCIES
  bunny (~> 2.4.0)
  sinatra (~> 1.4.7)

BUNDLED WITH
   1.12.5
